GEM
  remote: https://rubygems.org/
  specs:
    mina (0.3.4)
      open4 (~> 1.3.4)
      rake
    mina-multistage (1.0.1)
      mina (>= 0.2.1)
    open4 (1.3.4)
    rake (10.4.2)

PLATFORMS
  ruby

DEPENDENCIES
  mina
  mina-multistage
